GEM
  remote: https://rubygems.org/
  specs:
    addressable (2.3.8)
    domain_name (0.5.23)
      unf (>= 0.0.5, < 1.0.0)
    google-search (1.0.3)
      json
    http-cookie (1.0.2)
      domain_name (~> 0.5)
    httparty (0.13.3)
      json (~> 1.8)
      multi_xml (>= 0.5.2)
    json (1.8.2)
    mechanize (2.7.3)
      domain_name (~> 0.5, >= 0.5.1)
      http-cookie (~> 1.0)
      mime-types (~> 2.0)
      net-http-digest_auth (~> 1.1, >= 1.1.1)
      net-http-persistent (~> 2.5, >= 2.5.2)
      nokogiri (~> 1.4)
      ntlm-http (~> 0.1, >= 0.1.1)
      webrobots (>= 0.0.9, < 0.2)
    mime-types (2.4.3)
    mini_portile (0.6.2)
    multi_xml (0.5.5)
    mysql2 (0.3.18)
    net-http-digest_auth (1.4)
    net-http-persistent (2.9.4)
    nokogiri (1.6.6.2)
      mini_portile (~> 0.6.0)
    ntlm-http (0.1.1)
    unf (0.1.4)
      unf_ext
    unf_ext (0.0.6)
    webrobots (0.1.1)
    wunderground (1.2.0)
      addressable
      httparty (> 0.6.0)
      json (> 1.4.0)

PLATFORMS
  ruby

DEPENDENCIES
  google-search
  mechanize
  mysql2
  wunderground
